GEM
  remote: https://rubygems.org/
  specs:
    coderay (1.0.8)
    method_source (0.8.1)
    minitest (4.4.0)
    minitest-ci (2.4.0)
      minitest (>= 3.0, < 5.0)
    multi_json (1.5.0)
    pry (0.9.10)
      coderay (~> 1.0.5)
      method_source (~> 0.8)
      slop (~> 3.3.1)
    rr (1.0.4)
    simplecov (0.7.1)
      multi_json (~> 1.0)
      simplecov-html (~> 0.7.1)
    simplecov-html (0.7.1)
    slop (3.3.3)

PLATFORMS
  ruby

DEPENDENCIES
  minitest
  minitest-ci
  pry
  rr
  simplecov
