GEM
  remote: https://rubygems.org/
  specs:
    rr (1.0.4)

PLATFORMS
  ruby

DEPENDENCIES
  rr
